PATH
  remote: /Users/fernando.guillen/Development/fantasy
  specs:
    fantasy (0.1.20)
      gosu (~> 1.4.1)
      vector2d (~> 2.2.3)

PATH
  remote: /Users/fernando.guillen/Development/tween
  specs:
    tween (0.1.2)

GEM
  remote: https://rubygems.org/
  specs:
    gosu (1.4.6)
    vector2d (2.2.4)

PLATFORMS
  ruby
  x86_64-darwin-19

DEPENDENCIES
  fantasy (= 0.1.20)!
  tween (~> 0.1.2)!

RUBY VERSION
   ruby 3.1.1p18

BUNDLED WITH
   2.5.11
