GEM
  remote: https://rubygems.org/
  specs:
    fantasy (0.1.19)
      gosu (~> 1.4.1)
      vector2d (~> 2.2.3)
    gosu (1.4.6)
    vector2d (2.2.4)

PLATFORMS
  x86_64-darwin-19

DEPENDENCIES
  fantasy (= 0.1.19)

RUBY VERSION
   ruby 3.0.2p107

BUNDLED WITH
   2.2.32
